PATH
  remote: .
  specs:
    compare-crypto (0.1.0)

GEM
  remote: https://rubygems.org/
  specs:
    addressable (2.5.2)
      public_suffix (>= 2.0.2, < 4.0)
    crack (0.4.3)
      safe_yaml (~> 1.0.0)
    hashdiff (0.3.7)
    httparty (0.16.3)
      mime-types (~> 3.0)
      multi_xml (>= 0.5.2)
    mime-types (3.2.2)
      mime-types-data (~> 3.2015)
    mime-types-data (3.2018.0812)
    minitest (5.11.3)
    multi_xml (0.6.0)
    public_suffix (3.0.3)
    rake (10.4.2)
    safe_yaml (1.0.4)
    webmock (2.3.2)
      addressable (>= 2.3.6)
      crack (>= 0.3.2)
      hashdiff

PLATFORMS
  ruby

DEPENDENCIES
  bundler (~> 1.16)
  compare-crypto!
  httparty
  minitest (~> 5.0)
  rake (~> 10.0)
  webmock (~> 2.1)

BUNDLED WITH
   1.16.5
